GEM
  remote: https://rubygems.org/
  specs:
    minitest (5.5.1)
    rack (1.6.4)
    rack-test (0.6.3)
      rack (>= 1.0)
    shack (0.0.4)

PLATFORMS
  ruby

DEPENDENCIES
  minitest (~> 5.5.0)
  rack-test (~> 0.6.2)
  shack (~> 0.0.4)
